GEM
  remote: http://rubygems.org/
  remote: http://gems.github.com/
  specs:
    Ascii85 (1.0.1)
    abstract (1.0.0)
    actionmailer (3.0.9)
      actionpack (= 3.0.9)
      mail (~> 2.2.19)
    actionpack (3.0.9)
      activemodel (= 3.0.9)
      activesupport (= 3.0.9)
      builder (~> 2.1.2)
      erubis (~> 2.6.6)
      i18n (~> 0.5.0)
      rack (~> 1.2.1)
      rack-mount (~> 0.6.14)
      rack-test (~> 0.5.7)
      tzinfo (~> 0.3.23)
    activemodel (3.0.9)
      activesupport (= 3.0.9)
      builder (~> 2.1.2)
      i18n (~> 0.5.0)
    activerecord (3.0.9)
      activemodel (= 3.0.9)
      activesupport (= 3.0.9)
      arel (~> 2.0.10)
      tzinfo (~> 0.3.23)
    activerecord-jdbc-adapter (1.1.3)
    activerecord-jdbcmysql-adapter (1.1.3)
      activerecord-jdbc-adapter (= 1.1.3)
      jdbc-mysql (~> 5.1.0)
    activeresource (3.0.9)
      activemodel (= 3.0.9)
      activesupport (= 3.0.9)
    activesupport (3.0.9)
    addressable (2.2.7)
    arel (2.0.10)
    attr_required (0.0.5)
    bcrypt-ruby (2.1.4-java)
    best_in_place (0.2.3)
      rails (>= 3.0.0)
    bouncy-castle-java (1.5.0146.1)
    builder (2.1.2)
    devise (1.1.3)
      bcrypt-ruby (~> 2.1.2)
      warden (~> 0.10.7)
    erubis (2.6.6)
      abstract (>= 1.0.0)
    faraday (0.7.6)
      addressable (~> 2.2)
      multipart-post (~> 1.1)
      rack (~> 1.1)
    fb_graph (2.4.7)
      httpclient (>= 2.2.0.2)
      rack-oauth2 (>= 0.14.4)
      tzinfo
    haml (3.1.2)
    haml-rails (0.3.4)
      actionpack (~> 3.0)
      activesupport (~> 3.0)
      haml (~> 3.0)
      railties (~> 3.0)
    hashie (1.2.0)
    httpclient (2.2.4)
    i18n (0.5.0)
    jdbc-mysql (5.1.13)
    jruby-openssl (0.7.3)
      bouncy-castle-java
    json (1.6.6-java)
    mail (2.2.19)
      activesupport (>= 2.3.6)
      i18n (>= 0.4.0)
      mime-types (~> 1.16)
      treetop (~> 1.4.8)
    metaclass (0.0.1)
    mime-types (1.18)
    mocha (0.10.0)
      metaclass (~> 0.0.1)
    multi_json (1.2.0)
    multipart-post (1.1.5)
    nifty-generators (0.4.6)
    oauth2 (0.5.2)
      faraday (~> 0.7)
      multi_json (~> 1.0)
    omniauth (1.0.3)
      hashie (~> 1.2)
      rack
    omniauth-facebook (1.2.0)
      omniauth-oauth2 (~> 1.0.0)
    omniauth-oauth2 (1.0.0)
      oauth2 (~> 0.5.0)
      omniauth (~> 1.0)
    pdf-reader (1.1.0)
      Ascii85 (~> 1.0.0)
      ruby-rc4
    polyglot (0.3.3)
    rack (1.2.2)
    rack-mount (0.6.14)
      rack (>= 1.0.0)
    rack-oauth2 (0.14.4)
      activesupport (>= 2.3)
      attr_required (>= 0.0.5)
      httpclient (>= 2.2.0.2)
      i18n
      json (>= 1.4.3)
      rack (>= 1.1)
    rack-test (0.5.7)
      rack (>= 1.0)
    rails (3.0.9)
      actionmailer (= 3.0.9)
      actionpack (= 3.0.9)
      activerecord (= 3.0.9)
      activeresource (= 3.0.9)
      activesupport (= 3.0.9)
      bundler (~> 1.0)
      railties (= 3.0.9)
    railties (3.0.9)
      actionpack (= 3.0.9)
      activesupport (= 3.0.9)
      rake (>= 0.8.7)
      rdoc (~> 3.4)
      thor (~> 0.14.4)
    rake (0.8.7)
    rdoc (3.12)
      json (~> 1.4)
    ruby-rc4 (0.1.5)
    thor (0.14.6)
    treetop (1.4.10)
      polyglot
      polyglot (>= 0.3.1)
    tzinfo (0.3.32)
    warden (0.10.7)
      rack (>= 1.0.0)

PLATFORMS
  java

DEPENDENCIES
  activerecord-jdbc-adapter (= 1.1.3)
  activerecord-jdbcmysql-adapter (= 1.1.3)
  best_in_place (~> 0.2.0)
  devise (= 1.1.3)
  fb_graph
  haml (= 3.1.2)
  haml-rails (= 0.3.4)
  jdbc-mysql
  jruby-openssl (= 0.7.3)
  mocha
  nifty-generators
  omniauth
  omniauth-facebook
  pdf-reader
  rack (= 1.2.2)
  rails (= 3.0.9)
  rake (= 0.8.7)
